GEM
  remote: https://rubygems.org/
  specs:
    activesupport (7.0.5)
      concurrent-ruby (~> 1.0, >= 1.0.2)
      i18n (>= 1.6, < 2)
      minitest (>= 5.1)
      tzinfo (~> 2.0)
    concurrent-ruby (1.2.2)
    curb (1.0.5)
    i18n (1.13.0)
      concurrent-ruby (~> 1.0)
    minitest (5.18.0)
    openssl (3.1.0)
    parallel (1.23.0)
    ruby-progressbar (1.13.0)
    simpleidn (0.2.1)
      unf (~> 0.1.4)
    tzinfo (2.0.6)
      concurrent-ruby (~> 1.0)
    unf (0.1.4)
      unf_ext
    unf_ext (0.0.8.2)
    whois (5.1.0)
    whois-parser (2.0.0)
      activesupport (>= 4)
      whois (>= 4.1.0)

PLATFORMS
  x86_64-darwin-19

DEPENDENCIES
  curb
  openssl
  parallel
  ruby-progressbar
  simpleidn
  whois
  whois-parser

BUNDLED WITH
   2.2.31
