GEM
  remote: https://rubygems.org/
  specs:
    activesupport (6.0.2.1)
      concurrent-ruby (~> 1.0, >= 1.0.2)
      i18n (>= 0.7, < 2)
      minitest (~> 5.1)
      tzinfo (~> 1.1)
      zeitwerk (~> 2.2)
    concurrent-ruby (1.1.6)
    curb (0.9.10)
    i18n (1.8.2)
      concurrent-ruby (~> 1.0)
    minitest (5.14.0)
    openssl (2.1.2)
    parallel (1.19.1)
    ruby-progressbar (1.10.1)
    simpleidn (0.1.1)
      unf (~> 0.1.4)
    thread_safe (0.3.6)
    tzinfo (1.2.6)
      thread_safe (~> 0.1)
    unf (0.1.4)
      unf_ext
    unf_ext (0.0.7.6)
    whois (5.0.1)
    whois-parser (1.2.0)
      activesupport (>= 4)
      whois (>= 4.0.7)
    zeitwerk (2.2.2)

PLATFORMS
  ruby

DEPENDENCIES
  curb (= 0.9.10)
  openssl (= 2.1.2)
  parallel (= 1.19.1)
  ruby-progressbar (= 1.10.1)
  simpleidn (= 0.1.1)
  whois (= 5.0.1)
  whois-parser (= 1.2.0)

BUNDLED WITH
   2.1.2
